PATH
  remote: .
  specs:
    str2duck (1.4.0)

GEM
  remote: http://rubygems.org/
  specs:

PLATFORMS
  ruby

DEPENDENCIES
  str2duck!
